GEM
  remote: https://rubygems.org/
  specs:
    byebug (9.1.0)
    figaro (1.1.1)
      thor (~> 0.14)
    pg (0.21.0)
    thor (0.20.0)

PLATFORMS
  ruby

DEPENDENCIES
  byebug (~> 9.1)
  figaro (~> 1.1)
  pg (~> 0.20)

BUNDLED WITH
   1.15.3
